GEM
  specs:
    mime-types (1.16)
    rack (1.2.1)
    redis (2.1.1)
    rest-client (1.6.1)
      mime-types (>= 1.16)
    sinatra (1.1.2)
      rack (~> 1.1)
      tilt (~> 1.2)
    tilt (1.2.1)

PLATFORMS
  ruby

DEPENDENCIES
  redis
  rest-client
  sinatra
